GEM
  remote: https://rubygems.org/
  specs:
    beefcake (1.1.0)
    mtrc (0.0.4)
    rack (1.6.4)
    rack-protection (1.5.3)
      rack
    riemann-client (0.2.5)
      beefcake (>= 0.3.5)
      mtrc (>= 0.0.4)
      trollop (>= 1.16.2)
    sinatra (1.4.6)
      rack (~> 1.4)
      rack-protection (~> 1.4)
      tilt (>= 1.3, < 3)
    tilt (2.0.1)
    trollop (2.1.2)

PLATFORMS
  ruby

DEPENDENCIES
  riemann-client
  sinatra

BUNDLED WITH
   1.10.6
